PATH
  remote: .
  specs:
    relishable-multijson (0.23)
      fernet-multijson (~> 1.6)
      fog (~> 1.8)

GEM
  remote: http://rubygems.org/
  remote: https://heroku-internal-gems.s3.amazonaws.com/fdc7380ffb94db85ebd252cfaa22659335a0573a229d197a/
  specs:
    builder (3.2.2)
    excon (0.23.0)
    fernet-multijson (1.6)
      multi_json
    fog (1.12.1)
      builder
      excon (~> 0.23.0)
      formatador (~> 0.2.0)
      mime-types
      multi_json (~> 1.0)
      net-scp (~> 1.1)
      net-ssh (>= 2.1.3)
      nokogiri (~> 1.5.0)
      ruby-hmac
    formatador (0.2.4)
    mime-types (1.23)
    multi_json (1.7.7)
    net-scp (1.1.1)
      net-ssh (>= 2.6.5)
    net-ssh (2.6.7)
    nokogiri (1.5.10)
    ruby-hmac (0.4.0)

PLATFORMS
  ruby

DEPENDENCIES
  relishable-multijson!
