PATH
  remote: .
  specs:
    relishable (0.42)
      fernet (~> 2.3)
      fog-aws (~> 0.8.0)
      net-ssh (~> 3.0.2)

GEM
  remote: http://rubygems.org/
  specs:
    addressable (2.3.8)
    builder (3.2.3)
    byebug (10.0.0)
    coderay (1.1.2)
    crack (0.4.2)
      safe_yaml (~> 1.0.0)
    diff-lcs (1.2.5)
    excon (0.62.0)
    fernet (2.3)
      valcro (~> 0.1)
    fog-aws (0.8.1)
      fog-core (~> 1.27)
      fog-json (~> 1.0)
      fog-xml (~> 0.1)
      ipaddress (~> 0.8)
    fog-core (1.45.0)
      builder
      excon (~> 0.58)
      formatador (~> 0.2)
    fog-json (1.2.0)
      fog-core
      multi_json (~> 1.10)
    fog-xml (0.1.3)
      fog-core
      nokogiri (>= 1.5.11, < 2.0.0)
    formatador (0.2.5)
    ipaddress (0.8.3)
    method_source (0.9.1)
    mini_portile2 (2.3.0)
    multi_json (1.13.1)
    net-ssh (3.0.2)
    nokogiri (1.8.5)
      mini_portile2 (~> 2.3.0)
    power_assert (0.2.2)
    pry (0.11.3)
      coderay (~> 1.1.0)
      method_source (~> 0.9.0)
    pry-byebug (3.6.0)
      byebug (~> 10.0)
      pry (~> 0.10)
    rake (10.4.2)
    rspec (3.1.0)
      rspec-core (~> 3.1.0)
      rspec-expectations (~> 3.1.0)
      rspec-mocks (~> 3.1.0)
    rspec-core (3.1.7)
      rspec-support (~> 3.1.0)
    rspec-expectations (3.1.2)
      diff-lcs (>= 1.2.0, < 2.0)
      rspec-support (~> 3.1.0)
    rspec-mocks (3.1.3)
      rspec-support (~> 3.1.0)
    rspec-support (3.1.2)
    safe_yaml (1.0.4)
    test-unit (3.0.8)
      power_assert
    valcro (0.1.1)
    webmock (1.19.0)
      addressable (>= 2.3.6)
      crack (>= 0.3.2)

PLATFORMS
  ruby

DEPENDENCIES
  pry-byebug
  rake (> 0)
  relishable!
  rspec (~> 3.1.0)
  test-unit
  webmock (~> 1.19.0)

BUNDLED WITH
   1.17.1
