PATH
  remote: .
  specs:
    relishable (0.24)
      fernet_multi_json (~> 1.6)
      fog (~> 1.8)

GEM
  remote: http://rubygems.org/
  specs:
    builder (3.2.2)
    excon (0.25.3)
    fernet_multi_json (1.6)
      multi_json
      oj
    fog (1.14.0)
      builder
      excon (~> 0.25.0)
      formatador (~> 0.2.0)
      mime-types
      multi_json (~> 1.0)
      net-scp (~> 1.1)
      net-ssh (>= 2.1.3)
      nokogiri (~> 1.5)
      ruby-hmac
    formatador (0.2.4)
    mime-types (1.24)
    mini_portile (0.5.1)
    multi_json (1.7.9)
    net-scp (1.1.2)
      net-ssh (>= 2.6.5)
    net-ssh (2.6.8)
    nokogiri (1.6.0)
      mini_portile (~> 0.5.0)
    oj (2.1.4)
    ruby-hmac (0.4.0)

PLATFORMS
  ruby

DEPENDENCIES
  relishable!
