PATH
  remote: .
  specs:
    relishable (0.18)
      fernet (~> 1.6)
      fog (~> 1.8)

GEM
  remote: http://rubygems.org/
  specs:
    builder (3.1.4)
    excon (0.16.10)
    fernet (1.6)
      yajl-ruby
    fog (1.8.0)
      builder
      excon (~> 0.14)
      formatador (~> 0.2.0)
      mime-types
      multi_json (~> 1.0)
      net-scp (~> 1.0.4)
      net-ssh (>= 2.1.3)
      nokogiri (~> 1.5.0)
      ruby-hmac
    formatador (0.2.4)
    mime-types (1.19)
    multi_json (1.4.0)
    net-scp (1.0.4)
      net-ssh (>= 1.99.1)
    net-ssh (2.6.2)
    nokogiri (1.5.5)
    ruby-hmac (0.4.0)
    yajl-ruby (1.1.0)

PLATFORMS
  ruby

DEPENDENCIES
  relishable!
